GEM
  remote: https://rubygems.org/
  specs:
    byebug (11.1.3)
    rake (13.2.1)

PLATFORMS
  ruby
  x86_64-linux

DEPENDENCIES
  bundler
  byebug
  rake

BUNDLED WITH
   2.5.6
