GEM
  remote: https://rubygems.org/
  specs:
    byebug (11.1.3)
    net-scp (4.0.0)
      net-ssh (>= 2.6.5, < 8.0.0)
    net-ssh (7.2.3)
    rake (13.2.1)

PLATFORMS
  ruby
  x86_64-linux

DEPENDENCIES
  bundler
  byebug
  net-scp
  net-ssh
  rake

BUNDLED WITH
   2.5.6
